GEM
  remote: https://rubygems.org/
  specs:
    bourbon (4.0.2)
      sass (~> 3.3)
      thor
    json (1.8.1)
    neat (1.6.0)
      bourbon (>= 3.1)
      sass (>= 3.3)
    rainbow (2.0.0)
    sass (3.3.14)
    scss-lint (0.26.2)
      rainbow (~> 2.0)
      sass (~> 3.3.0, >= 3.3.7)
    thor (0.19.1)
    watson-ruby (1.6.3)
      json

PLATFORMS
  ruby

DEPENDENCIES
  bourbon (>= 4.0.2)
  neat (>= 1.6.0)
  sass (>= 3.3.14)
  scss-lint (>= 0.26.2)
  watson-ruby
